PATH
  remote: .
  specs:
    wait_until (0.1.3)

GEM
  remote: http://rubygems.org/
  specs:
    diff-lcs (1.2.5)
    docile (1.1.5)
    json (1.8.3)
    json (1.8.3-java)
    rake (11.1.2)
    rspec (3.4.0)
      rspec-core (~> 3.4.0)
      rspec-expectations (~> 3.4.0)
      rspec-mocks (~> 3.4.0)
    rspec-core (3.4.4)
      rspec-support (~> 3.4.0)
    rspec-expectations (3.4.0)
      diff-lcs (>= 1.2.0, < 2.0)
      rspec-support (~> 3.4.0)
    rspec-mocks (3.4.1)
      diff-lcs (>= 1.2.0, < 2.0)
      rspec-support (~> 3.4.0)
    rspec-support (3.4.1)
    simplecov (0.11.2)
      docile (~> 1.1.0)
      json (~> 1.8)
      simplecov-html (~> 0.10.0)
    simplecov-html (0.10.0)
    travis-lint (2.0.0)
      json

PLATFORMS
  java
  ruby

DEPENDENCIES
  rake (~> 11.1)
  rspec (~> 3.4)
  simplecov (~> 0.11)
  travis-lint (~> 2.0)
  wait_until!

BUNDLED WITH
   1.11.2
